GEM
  remote: https://rubygems.org/
  specs:
    debug (1.6.2)
      irb (>= 1.3.6)
      reline (>= 0.3.1)
    io-console (0.5.11)
    irb (1.4.1)
      reline (>= 0.3.0)
    ps-ruby (0.0.4)
    reline (0.3.1)
      io-console (~> 0.5)
    thor (1.2.1)

PLATFORMS
  ruby

DEPENDENCIES
  debug
  ps-ruby
  thor

BUNDLED WITH
   2.1.4
